PATH
  remote: .
  specs:
    sprockets_require_webpack (0.0.1)
      sprockets (>= 3.0.0)

GEM
  remote: https://rubygems.org/
  specs:
    concurrent-ruby (1.0.2)
    minitest (5.9.0)
    rack (1.6.4)
    rake (11.1.2)
    sprockets (3.5.2)
      concurrent-ruby (~> 1.0)
      rack (> 1, < 3)

PLATFORMS
  ruby

DEPENDENCIES
  minitest
  rake
  sprockets_require_webpack!

BUNDLED WITH
   1.12.3
