PATH
  remote: .
  specs:
    sprockets-webpack (0.0.3)
      sprockets (>= 3.0.0)

GEM
  remote: https://rubygems.org/
  specs:
    concurrent-ruby (1.0.2)
    minitest (5.9.0)
    rack (2.0.1)
    rake (11.1.2)
    sprockets (3.6.3)
      concurrent-ruby (~> 1.0)
      rack (> 1, < 3)

PLATFORMS
  ruby

DEPENDENCIES
  minitest
  rake
  sprockets-webpack!

BUNDLED WITH
   1.12.3
